GIT
  remote: git://github.com/bcardarella/client_side_validations.git
  revision: 9461cb92e1dfb64895d590c6d435cdf48fcede45
  branch: 4-0-beta
  specs:
    client_side_validations (3.2.2)

GIT
  remote: git://github.com/saveritemedical/client_side_validations-simple_form.git
  revision: b97c938be745de1134169026425aa0c990b8b072
  specs:
    client_side_validations-simple_form (2.1.0)
      client_side_validations (~> 3.2.1)
      simple_form (>= 2.1.0, < 4.0)

GEM
  remote: https://rubygems.org/
  specs:
    actionmailer (4.0.2)
      actionpack (= 4.0.2)
      mail (~> 2.5.4)
    actionpack (4.0.2)
      activesupport (= 4.0.2)
      builder (~> 3.1.0)
      erubis (~> 2.7.0)
      rack (~> 1.5.2)
      rack-test (~> 0.6.2)
    activemodel (4.0.2)
      activesupport (= 4.0.2)
      builder (~> 3.1.0)
    activerecord (4.0.2)
      activemodel (= 4.0.2)
      activerecord-deprecated_finders (~> 1.0.2)
      activesupport (= 4.0.2)
      arel (~> 4.0.0)
    activerecord-deprecated_finders (1.0.3)
    activerecord-reputation-system (2.0.2)
    activesupport (4.0.2)
      i18n (~> 0.6, >= 0.6.4)
      minitest (~> 4.2)
      multi_json (~> 1.3)
      thread_safe (~> 0.1)
      tzinfo (~> 0.3.37)
    addressable (2.3.5)
    annotate (2.6.1)
      activerecord (>= 2.3.0)
      rake (>= 0.8.7)
    arel (4.0.1)
    atomic (1.1.14)
    authlogic (3.3.0)
      activerecord (>= 3.2)
      activesupport (>= 3.2)
    bcrypt-ruby (3.1.2)
    bootstrap-sass (2.3.2.0)
      sass (~> 3.2)
    bootstrap-will_paginate (0.0.10)
      will_paginate
    builder (3.1.4)
    capybara (2.2.1)
      mime-types (>= 1.16)
      nokogiri (>= 1.3.3)
      rack (>= 1.0.0)
      rack-test (>= 0.5.4)
      xpath (~> 2.0)
    carrierwave (0.9.0)
      activemodel (>= 3.2.0)
      activesupport (>= 3.2.0)
      json (>= 1.7)
    cocoon (1.2.5)
    coffee-rails (4.0.1)
      coffee-script (>= 2.2.0)
      railties (>= 4.0.0, < 5.0)
    coffee-script (2.2.0)
      coffee-script-source
      execjs
    coffee-script-source (1.6.3)
    columnize (0.3.6)
    css_parser (1.3.5)
      addressable
    cucumber (1.3.10)
      builder (>= 2.1.2)
      diff-lcs (>= 1.1.3)
      gherkin (~> 2.12)
      multi_json (>= 1.7.5, < 2.0)
      multi_test (>= 0.0.2)
    cucumber-rails (1.4.0)
      capybara (>= 1.1.2)
      cucumber (>= 1.2.0)
      nokogiri (>= 1.5.0)
      rails (>= 3.0.0)
    daemons (1.1.9)
    database_cleaner (1.2.0)
    debugger (1.6.5)
      columnize (>= 0.3.1)
      debugger-linecache (~> 1.2.0)
      debugger-ruby_core_source (~> 1.3.1)
    debugger-linecache (1.2.0)
    debugger-ruby_core_source (1.3.1)
    declarative_authorization (0.5.7)
    delayed_job (4.0.0)
      activesupport (>= 3.0, < 4.1)
    delayed_job_active_record (4.0.0)
      activerecord (>= 3.0, < 4.1)
      delayed_job (>= 3.0, < 4.1)
    diff-lcs (1.2.5)
    dossier (2.9.3)
      actionmailer (>= 3.2)
      actionpack (>= 3.2)
      activesupport (>= 3.2)
      arel (>= 3.0)
      haml (>= 3.1)
      railties (>= 3.2)
    dynamic_form (1.1.4)
    erubis (2.7.0)
    execjs (2.0.2)
    exifr (1.1.3)
    factory_girl (4.3.0)
      activesupport (>= 3.0.0)
    factory_girl_rails (4.3.0)
      factory_girl (~> 4.3.0)
      railties (>= 3.0.0)
    figaro (0.7.0)
      bundler (~> 1.0)
      rails (>= 3, < 5)
    geocoder (1.1.9)
    gherkin (2.12.2)
      multi_json (~> 1.3)
    growl (1.0.3)
    haml (4.0.5)
      tilt
    hike (1.2.3)
    i18n (0.6.9)
    icalendar (1.5.0)
    jquery-rails (3.0.4)
      railties (>= 3.0, < 5.0)
      thor (>= 0.14, < 2.0)
    jquery-timepicker-rails (1.2.5.0)
      railties (>= 3.1.0)
    jquery-ui-rails (4.1.1)
      railties (>= 3.1.0)
    json (1.8.1)
    mail (2.5.4)
      mime-types (~> 1.16)
      treetop (~> 1.4.8)
    masked_input-rails (1.2.0.pre)
      railties (~> 4.0)
    metaclass (0.0.1)
    mime-types (1.25.1)
    mini_magick (3.7.0)
      subexec (~> 0.2.1)
    mini_portile (0.5.2)
    minitest (4.7.5)
    mocha (0.14.0)
      metaclass (~> 0.0.1)
    multi_json (1.8.3)
    multi_test (0.0.3)
    nifty-generators (0.4.6)
    nokogiri (1.6.1)
      mini_portile (~> 0.5.0)
    pg (0.15.1)
    polyglot (0.3.3)
    protected_attributes (1.0.5)
      activemodel (>= 4.0.1, < 5.0)
    rack (1.5.2)
    rack-google-analytics (0.14.0)
      actionpack
      activesupport
    rack-test (0.6.2)
      rack (>= 1.0)
    rails (4.0.2)
      actionmailer (= 4.0.2)
      actionpack (= 4.0.2)
      activerecord (= 4.0.2)
      activesupport (= 4.0.2)
      bundler (>= 1.3.0, < 2.0)
      railties (= 4.0.2)
      sprockets-rails (~> 2.0.0)
    railties (4.0.2)
      actionpack (= 4.0.2)
      activesupport (= 4.0.2)
      rake (>= 0.8.7)
      thor (>= 0.18.1, < 2.0)
    rake (10.1.1)
    rb-fsevent (0.9.4)
    rest-client (1.6.7)
      mime-types (>= 1.16)
    roadie (2.4.3)
      actionmailer (> 3.0.0, < 5.0.0)
      css_parser (~> 1.3.4)
      nokogiri (> 1.5.0)
      sprockets
    sass (3.2.13)
    sass-rails (4.0.1)
      railties (>= 4.0.0, < 5.0)
      sass (>= 3.1.10)
      sprockets-rails (~> 2.0.0)
    simple_form (3.0.1)
      actionpack (>= 4.0.0, < 4.1)
      activemodel (>= 4.0.0, < 4.1)
    sprockets (2.10.1)
      hike (~> 1.2)
      multi_json (~> 1.0)
      rack (~> 1.0)
      tilt (~> 1.1, != 1.3.0)
    sprockets-rails (2.0.1)
      actionpack (>= 3.0)
      activesupport (>= 3.0)
      sprockets (~> 2.8)
    stripe (1.9.9)
      mime-types (~> 1.25)
      multi_json (>= 1.0.4, < 2)
      rest-client (~> 1.4)
    stripe_event (1.1.0)
      activesupport (>= 3.1)
      stripe (~> 1.6)
    subexec (0.2.3)
    test-unit (2.5.5)
    thor (0.18.1)
    thread_safe (0.1.3)
      atomic
    tilt (1.4.1)
    timezone (0.3.1)
    treetop (1.4.15)
      polyglot
      polyglot (>= 0.3.1)
    tzinfo (0.3.38)
    uglifier (2.4.0)
      execjs (>= 0.3.0)
      json (>= 1.8.0)
    ultrahook (0.1.2)
      json (>= 1.8.0)
    will_paginate (3.0.5)
    xpath (2.0.0)
      nokogiri (~> 1.3)

PLATFORMS
  ruby

DEPENDENCIES
  activerecord-reputation-system
  annotate
  authlogic
  bcrypt-ruby
  bootstrap-sass (= 2.3.2.0)
  bootstrap-will_paginate
  carrierwave
  client_side_validations!
  client_side_validations-simple_form!
  cocoon
  coffee-rails
  cucumber-rails
  daemons
  database_cleaner
  debugger
  declarative_authorization
  delayed_job_active_record
  dossier
  dynamic_form
  exifr
  factory_girl_rails
  figaro
  geocoder
  growl
  icalendar
  jquery-rails
  jquery-timepicker-rails
  jquery-ui-rails
  masked_input-rails (~> 1.2.0.pre)
  mini_magick
  mocha
  nifty-generators
  pg (= 0.15.1)
  protected_attributes
  rack-google-analytics
  rails (= 4.0.2)
  rb-fsevent
  roadie
  sass-rails
  simple_form (~> 3.0.0.rc)
  sprockets
  stripe
  stripe_event
  test-unit
  timezone
  uglifier
  ultrahook
  will_paginate
